GEM
  remote: http://rubygems.org/
  specs:
    haml (4.0.3)
      tilt
    logger (1.2.8)
    nokogiri (1.5.9)
    pg (0.15.1)
    rack (1.5.2)
    rack-protection (1.5.0)
      rack
    sequel (3.47.0)
    sinatra (1.4.2)
      rack (~> 1.5, >= 1.5.2)
      rack-protection (~> 1.4)
      tilt (~> 1.3, >= 1.3.4)
    sqlite3 (1.3.7)
    tilt (1.4.1)

PLATFORMS
  ruby

DEPENDENCIES
  haml
  logger
  nokogiri
  pg
  sequel
  sinatra
  sqlite3
