GEM
  remote: https://rubygems.org/
  specs:
    haml (5.0.1)
      temple (>= 0.8.0)
      tilt
    logger (1.2.8)
    mini_portile2 (2.2.0)
    mustermann (1.0.0)
    nokogiri (1.8.0)
      mini_portile2 (~> 2.2.0)
    pg (0.21.0)
    rack (2.0.3)
    rack-protection (2.0.0)
      rack
    sequel (4.47.0)
    sinatra (2.0.0)
      mustermann (~> 1.0)
      rack (~> 2.0)
      rack-protection (= 2.0.0)
      tilt (~> 2.0)
    sqlite3 (1.3.13)
    temple (0.8.0)
    tilt (2.0.7)

PLATFORMS
  ruby

DEPENDENCIES
  haml
  logger
  nokogiri
  pg
  sequel
  sinatra
  sqlite3

RUBY VERSION
   ruby 2.4.1p111

BUNDLED WITH
   1.15.1
