GEM
  remote: http://rubygems.org/
  specs:
    haml (3.1.7)
    logger (1.2.8)
    nokogiri (1.5.6)
    pg (0.14.1)
    rack (1.4.1)
    rack-protection (1.3.2)
      rack
    sequel (3.42.0)
    sinatra (1.3.3)
      rack (~> 1.3, >= 1.3.6)
      rack-protection (~> 1.2)
      tilt (~> 1.3, >= 1.3.3)
    sqlite3 (1.3.6)
    tilt (1.3.3)

PLATFORMS
  ruby

DEPENDENCIES
  haml
  logger
  nokogiri
  pg
  sequel
  sinatra
  sqlite3
